GEM
  remote: https://rubygems.org/
  specs:
    coderay (1.1.2)
    diff-lcs (1.3)
    equatable (0.6.1)
    ffi (1.11.1)
    method_source (0.9.2)
    pastel (0.7.3)
      equatable (~> 0.6)
      tty-color (~> 0.5)
    pry (0.12.2)
      coderay (~> 1.1.0)
      method_source (~> 0.9.0)
    rainbow (3.0.0)
    rb-readline (0.5.5)
    rspec (3.9.0)
      rspec-core (~> 3.9.0)
      rspec-expectations (~> 3.9.0)
      rspec-mocks (~> 3.9.0)
    rspec-core (3.9.0)
      rspec-support (~> 3.9.0)
    rspec-expectations (3.9.0)
      diff-lcs (>= 1.2.0, < 2.0)
      rspec-support (~> 3.9.0)
    rspec-mocks (3.9.0)
      diff-lcs (>= 1.2.0, < 2.0)
      rspec-support (~> 3.9.0)
    rspec-support (3.9.0)
    ruby-vips (2.0.14)
      ffi (~> 1.9)
    tco (0.1.8)
    tty-color (0.5.0)
    tty-cursor (0.7.0)
    tty-font (0.4.0)
    tty-screen (0.7.0)

PLATFORMS
  ruby

DEPENDENCIES
  pastel
  pry
  rainbow
  rb-readline
  rspec
  ruby-vips
  tco
  tty-cursor
  tty-font
  tty-screen

BUNDLED WITH
   2.0.2
